GIT
  remote: git://github.com/jamesdabbs/lita-panic.git
  revision: 29b2fb3e4bc4a812d62f19644f8c50c261b12665
  specs:
    lita-panic (0.1.0)
      lita (>= 4.7)

GIT
  remote: git://github.com/litaio/lita-slack.git
  revision: 38a968fd88e46fb5448420296b6415ecfe946a46
  ref: 38a968f
  specs:
    lita-slack (1.7.2)
      eventmachine
      faraday
      faye-websocket (>= 0.8.0)
      lita (>= 4.7.0)
      multi_json

GEM
  remote: https://rubygems.org/
  specs:
    coderay (1.1.1)
    coveralls (0.8.13)
      json (~> 1.8)
      simplecov (~> 0.11.0)
      term-ansicolor (~> 1.3)
      thor (~> 0.19.1)
      tins (~> 1.6.0)
    diff-lcs (1.2.5)
    docile (1.1.5)
    dotenv (2.1.0)
    eventmachine (1.0.9.1)
    faraday (0.9.2)
      multipart-post (>= 1.2, < 3)
    faye-websocket (0.10.3)
      eventmachine (>= 0.12.0)
      websocket-driver (>= 0.5.1)
    http_router (0.11.2)
      rack (>= 1.0.0)
      url_mount (~> 0.2.1)
    i18n (0.7.0)
    ice_nine (0.11.2)
    json (1.8.3)
    lita (4.7.0)
      bundler (>= 1.3)
      faraday (>= 0.8.7)
      http_router (>= 0.11.2)
      i18n (>= 0.6.9)
      ice_nine (>= 0.11.0)
      multi_json (>= 1.7.7)
      puma (>= 2.7.1)
      rack (>= 1.5.2)
      rb-readline (>= 0.5.1)
      redis-namespace (>= 1.3.0)
      thor (>= 0.18.1)
    lita-howdoi (0.0.3)
      lita (>= 4.2)
      nokogiri
    method_source (0.8.2)
    mini_portile2 (2.0.0)
    multi_json (1.11.2)
    multipart-post (2.0.0)
    nokogiri (1.6.7.2)
      mini_portile2 (~> 2.0.0.rc2)
    pry (0.10.3)
      coderay (~> 1.1.0)
      method_source (~> 0.8.1)
      slop (~> 3.4)
    puma (3.2.0)
    rack (1.6.4)
    rack-test (0.6.3)
      rack (>= 1.0)
    rb-readline (0.5.3)
    redis (3.2.2)
    redis-namespace (1.5.2)
      redis (~> 3.0, >= 3.0.4)
    rollbar (2.8.2)
      multi_json
    rspec (3.4.0)
      rspec-core (~> 3.4.0)
      rspec-expectations (~> 3.4.0)
      rspec-mocks (~> 3.4.0)
    rspec-core (3.4.3)
      rspec-support (~> 3.4.0)
    rspec-expectations (3.4.0)
      diff-lcs (>= 1.2.0, < 2.0)
      rspec-support (~> 3.4.0)
    rspec-mocks (3.4.1)
      diff-lcs (>= 1.2.0, < 2.0)
      rspec-support (~> 3.4.0)
    rspec-support (3.4.1)
    simplecov (0.11.2)
      docile (~> 1.1.0)
      json (~> 1.8)
      simplecov-html (~> 0.10.0)
    simplecov-html (0.10.0)
    slop (3.6.0)
    term-ansicolor (1.3.2)
      tins (~> 1.0)
    thor (0.19.1)
    tins (1.6.0)
    url_mount (0.2.1)
      rack
    websocket-driver (0.6.3)
      websocket-extensions (>= 0.1.0)
    websocket-extensions (0.1.2)

PLATFORMS
  ruby

DEPENDENCIES
  coveralls
  dotenv
  lita
  lita-howdoi
  lita-panic!
  lita-slack!
  pry
  rack-test
  rollbar
  rspec
  simplecov

BUNDLED WITH
   1.11.2
